STORAGE: NONE
NUGET
  remote: https://api.nuget.org/v3/index.json
    Expecto (8.12)
      FSharp.Core (>= 4.3.4) - restriction: || (>= net461) (>= netstandard2.0)
      Mono.Cecil (>= 0.10.3) - restriction: || (>= net461) (>= netstandard2.0)
    Expecto.FsCheck (8.12)
      Expecto (>= 8.12) - restriction: || (>= net461) (>= netstandard2.0)
      FsCheck (>= 2.13) - restriction: || (>= net461) (>= netstandard2.0)
    Fake (5.16)
    FsCheck (2.14) - restriction: || (>= net461) (>= netstandard2.0)
      FSharp.Core (>= 4.2.3) - restriction: || (>= net452) (>= netstandard1.6)
    FSharp.Core (4.7)
    FSharpx.Collections (2.1.2)
      FSharp.Core (>= 4.3.4) - restriction: || (>= net45) (>= netstandard2.0)
    Mono.Cecil (0.11) - restriction: || (>= net461) (>= netstandard2.0)
    System.ValueTuple (4.5) - restriction: >= netstandard2.0
    TensorFlowSharp (1.13)
      System.ValueTuple (>= 4.5) - restriction: >= netstandard2.0
